PATH
  remote: .
  specs:
    adventure (0.17.8.pre.pre)
      indefinite_article (~> 0.2.4)
      jekyll_slugify (~> 0.4.2)
      random_name_generator (~> 1.0.3)

GEM
  remote: https://rubygems.org/
  specs:
    activesupport (6.0.0)
      concurrent-ruby (~> 1.0, >= 1.0.2)
      i18n (>= 0.7, < 2)
      minitest (~> 5.1)
      tzinfo (~> 1.1)
      zeitwerk (~> 2.1, >= 2.1.8)
    ast (2.4.0)
    concurrent-ruby (1.1.5)
    diff-lcs (1.3)
    docile (1.3.2)
    i18n (1.7.0)
      concurrent-ruby (~> 1.0)
    indefinite_article (0.2.4)
      activesupport
    jaro_winkler (1.5.4)
    jekyll_slugify (0.4.3)
      i18n (>= 1.6, < 2)
    minitest (5.13.0)
    parallel (1.19.1)
    parser (2.7.0.5)
      ast (~> 2.4.0)
    rainbow (3.0.0)
    rake (13.0.0)
    random_name_generator (1.0.3)
    rexml (3.2.4)
    rspec (3.9.0)
      rspec-core (~> 3.9.0)
      rspec-expectations (~> 3.9.0)
      rspec-mocks (~> 3.9.0)
    rspec-core (3.9.0)
      rspec-support (~> 3.9.0)
    rspec-expectations (3.9.0)
      diff-lcs (>= 1.2.0, < 2.0)
      rspec-support (~> 3.9.0)
    rspec-mocks (3.9.0)
      diff-lcs (>= 1.2.0, < 2.0)
      rspec-support (~> 3.9.0)
    rspec-support (3.9.0)
    rubocop (0.81.0)
      jaro_winkler (~> 1.5.1)
      parallel (~> 1.10)
      parser (>= 2.7.0.1)
      rainbow (>= 2.2.2, < 4.0)
      rexml
      ruby-progressbar (~> 1.7)
      unicode-display_width (>= 1.4.0, < 2.0)
    ruby-progressbar (1.10.1)
    simplecov (0.18.5)
      docile (~> 1.1)
      simplecov-html (~> 0.11)
    simplecov-html (0.12.1)
    thread_safe (0.3.6)
    tzinfo (1.2.5)
      thread_safe (~> 0.1)
    unicode-display_width (1.7.0)
    yard (0.9.24)
    zeitwerk (2.2.1)

PLATFORMS
  ruby
  x64-mingw32

DEPENDENCIES
  adventure!
  bundler (~> 2.0)
  rake (~> 13.0)
  rspec (~> 3.9.0)
  rubocop (~> 0.81.0)
  simplecov (~> 0.18.5)
  yard (~> 0.9.24)

BUNDLED WITH
   2.0.2
