PATH
  remote: .
  specs:
    Adventure (0.1.0)
      marky_markov (~> 0.3.5)

GEM
  remote: https://rubygems.org/
  specs:
    diff-lcs (1.3)
    marky_markov (0.3.5)
      msgpack
    msgpack (1.3.1-x64-mingw32)
    rake (10.5.0)
    rspec (3.8.0)
      rspec-core (~> 3.8.0)
      rspec-expectations (~> 3.8.0)
      rspec-mocks (~> 3.8.0)
    rspec-core (3.8.2)
      rspec-support (~> 3.8.0)
    rspec-expectations (3.8.4)
      diff-lcs (>= 1.2.0, < 2.0)
      rspec-support (~> 3.8.0)
    rspec-mocks (3.8.1)
      diff-lcs (>= 1.2.0, < 2.0)
      rspec-support (~> 3.8.0)
    rspec-support (3.8.2)

PLATFORMS
  x64-mingw32

DEPENDENCIES
  Adventure!
  bundler (~> 2.0)
  rake (~> 10.0)
  rspec (~> 3.0)

BUNDLED WITH
   2.0.2
