PATH
  remote: .
  specs:
    Adventure (0.15.5)
      indefinite_article (~> 0.2.4)
      random_name_generator (~> 1.0.3)
      slugify (~> 1.0.6)

GEM
  remote: https://rubygems.org/
  specs:
    activesupport (6.0.0)
      concurrent-ruby (~> 1.0, >= 1.0.2)
      i18n (>= 0.7, < 2)
      minitest (~> 5.1)
      tzinfo (~> 1.1)
      zeitwerk (~> 2.1, >= 2.1.8)
    ast (2.4.0)
    concurrent-ruby (1.1.5)
    diff-lcs (1.3)
    docile (1.3.2)
    i18n (1.6.0)
      concurrent-ruby (~> 1.0)
    indefinite_article (0.2.4)
      activesupport
    jaro_winkler (1.5.3)
    json (2.2.0)
    minitest (5.11.3)
    parallel (1.17.0)
    parser (2.6.3.0)
      ast (~> 2.4.0)
    rainbow (3.0.0)
    rake (12.3.3)
    random_name_generator (1.0.3)
    rspec (3.8.0)
      rspec-core (~> 3.8.0)
      rspec-expectations (~> 3.8.0)
      rspec-mocks (~> 3.8.0)
    rspec-core (3.8.2)
      rspec-support (~> 3.8.0)
    rspec-expectations (3.8.4)
      diff-lcs (>= 1.2.0, < 2.0)
      rspec-support (~> 3.8.0)
    rspec-mocks (3.8.1)
      diff-lcs (>= 1.2.0, < 2.0)
      rspec-support (~> 3.8.0)
    rspec-support (3.8.2)
    rubocop (0.74.0)
      jaro_winkler (~> 1.5.1)
      parallel (~> 1.10)
      parser (>= 2.6)
      rainbow (>= 2.2.2, < 4.0)
      ruby-progressbar (~> 1.7)
      unicode-display_width (>= 1.4.0, < 1.7)
    ruby-progressbar (1.10.1)
    simplecov (0.17.0)
      docile (~> 1.1)
      json (>= 1.8, < 3)
      simplecov-html (~> 0.10.0)
    simplecov-html (0.10.2)
    slugify (1.0.7)
    thread_safe (0.3.6)
    tzinfo (1.2.5)
      thread_safe (~> 0.1)
    unicode-display_width (1.6.0)
    yard (0.9.20)
    zeitwerk (2.1.10)

PLATFORMS
  ruby
  x64-mingw32

DEPENDENCIES
  Adventure!
  bundler (~> 2.0)
  rake (~> 12.3)
  rspec (~> 3.0)
  rubocop (~> 0.74.0)
  simplecov (~> 0.17.0)
  yard (~> 0.9.20)

BUNDLED WITH
   2.0.2
