GEM
  remote: https://rubygems.org/
  specs:
    name-generator (0.1.3)

PLATFORMS
  x64-mingw32

DEPENDENCIES
  name-generator (~> 0.1.3)

BUNDLED WITH
   2.0.2
